GEM
  remote: http://rubygems.org/
  specs:
    builder (3.2.2)
    childprocess (0.5.3)
      ffi (~> 1.0, >= 1.0.11)
    chronic (0.10.2)
    cucumber (1.3.17)
      builder (>= 2.1.2)
      diff-lcs (>= 1.1.3)
      gherkin (~> 2.12)
      multi_json (>= 1.7.5, < 2.0)
      multi_test (>= 0.1.1)
    diff-lcs (1.2.5)
    ffi (1.9.5-x64-mingw32)
    gherkin (2.12.2)
      multi_json (~> 1.3)
    headless (1.0.2)
    mini_portile (0.6.0)
    multi_json (1.10.1)
    multi_test (0.1.1)
    nokogiri (1.6.3.1-x64-mingw32)
      mini_portile (= 0.6.0)
    rake (10.3.2)
    rubyzip (1.1.6)
    selenium-webdriver (2.43.0)
      childprocess (~> 0.5)
      multi_json (~> 1.0)
      rubyzip (~> 1.0)
      websocket (~> 1.0)
    syntax (1.2.0)
    watir-webdriver (0.6.11)
      selenium-webdriver (>= 2.18.0)
    watir-webdriver-performance (0.2.4)
      watir-webdriver
    websocket (1.2.1)

PLATFORMS
  x64-mingw32

DEPENDENCIES
  bundler
  chronic
  cucumber
  headless
  nokogiri
  rake
  selenium-webdriver
  syntax
  watir-webdriver
  watir-webdriver-performance
